GEM
  remote: https://rubygems.org/
  specs:
    ast (2.4.2)
    debug (1.3.4)
      irb (>= 1.3.6)
      reline (>= 0.2.7)
    io-console (0.5.9)
    irb (1.3.7)
      reline (>= 0.2.7)
    parallel (1.21.0)
    parser (3.0.2.0)
      ast (~> 2.4.1)
    power_assert (2.0.1)
    rainbow (3.0.0)
    regexp_parser (2.1.1)
    reline (0.2.7)
      io-console (~> 0.5)
    rexml (3.2.5)
    rubocop (1.22.1)
      parallel (~> 1.10)
      parser (>= 3.0.0.0)
      rainbow (>= 2.2.2, < 4.0)
      regexp_parser (>= 1.8, < 3.0)
      rexml
      rubocop-ast (>= 1.12.0, < 2.0)
      ruby-progressbar (~> 1.7)
      unicode-display_width (>= 1.4.0, < 3.0)
    rubocop-ast (1.12.0)
      parser (>= 3.0.1.1)
    ruby-progressbar (1.11.0)
    test-unit (3.5.0)
      power_assert
    unicode-display_width (2.1.0)

PLATFORMS
  x86_64-darwin-18
  x86_64-linux

DEPENDENCIES
  debug (>= 1.0.0)
  rubocop
  test-unit

BUNDLED WITH
   2.2.30
